GIT
  remote: https://github.com/bmabey/database_cleaner.git
  revision: 14626296ef31b34f7704593667db1d41d81825ab
  specs:
    database_cleaner (1.7.0)

GIT
  remote: https://github.com/camdez/wkhtmltopdf-heroku.git
  revision: 09f42e0fd9cf98361343738ccd7fdf6395df7dd0
  specs:
    wkhtmltopdf-heroku (0.2.0)

GIT
  remote: https://github.com/rspec/rspec-core.git
  revision: 7b6b9c3f2e2878213f97d6fc9e9eb23c323cfe1c
  branch: master
  specs:
    rspec-core (3.8.pre)
      rspec-support (= 3.8.pre)

GIT
  remote: https://github.com/rspec/rspec-expectations.git
  revision: 848fcb426cca1977b75909d0cb8a10f03a104b36
  branch: master
  specs:
    rspec-expectations (3.8.pre)
      diff-lcs (>= 1.2.0, < 2.0)
      rspec-support (= 3.8.pre)

GIT
  remote: https://github.com/rspec/rspec-its.git
  revision: a627d9a08a5720819481f36f7fa31726a32f1e22
  branch: master
  specs:
    rspec-its (1.2.0)
      rspec-core (>= 3.0.0)
      rspec-expectations (>= 3.0.0)

GIT
  remote: https://github.com/rspec/rspec-mocks.git
  revision: df6bf3d1aa50ed5070a450bd7ecace7a9dadf0b3
  branch: master
  specs:
    rspec-mocks (3.8.pre)
      diff-lcs (>= 1.2.0, < 2.0)
      rspec-support (= 3.8.pre)

GIT
  remote: https://github.com/rspec/rspec-rails.git
  revision: 678b313cf3cc3bdb2c59149ee3e290fd590460d1
  specs:
    rspec-rails (3.8.pre)
      actionpack (>= 3.0)
      activesupport (>= 3.0)
      railties (>= 3.0)
      rspec-core (= 3.8.pre)
      rspec-expectations (= 3.8.pre)
      rspec-mocks (= 3.8.pre)
      rspec-support (= 3.8.pre)

GIT
  remote: https://github.com/rspec/rspec-support.git
  revision: 5a1c6756a9d8322fc18639b982e00196f452974d
  branch: master
  specs:
    rspec-support (3.8.pre)

GIT
  remote: https://github.com/rspec/rspec.git
  revision: ab3c9131c4869a928732f65355524a27fc3425ca
  branch: master
  specs:
    rspec (3.8.pre)
      rspec-core (= 3.8.pre)
      rspec-expectations (= 3.8.pre)
      rspec-mocks (= 3.8.pre)

GIT
  remote: https://github.com/xdougx/exceptions-resource.git
  revision: 4cc6ae9083e815980028cfe859fb56cf20c3655a
  specs:
    exceptions-resource (0.0.3)

GEM
  remote: https://rubygems.org/
  specs:
    actioncable (5.2.0)
      actionpack (= 5.2.0)
      nio4r (~> 2.0)
      websocket-driver (>= 0.6.1)
    actionmailer (5.2.0)
      actionpack (= 5.2.0)
      actionview (= 5.2.0)
      activejob (= 5.2.0)
      mail (~> 2.5, >= 2.5.4)
      rails-dom-testing (~> 2.0)
    actionpack (5.2.0)
      actionview (= 5.2.0)
      activesupport (= 5.2.0)
      rack (~> 2.0)
      rack-test (>= 0.6.3)
      rails-dom-testing (~> 2.0)
      rails-html-sanitizer (~> 1.0, >= 1.0.2)
    actionview (5.2.0)
      activesupport (= 5.2.0)
      builder (~> 3.1)
      erubi (~> 1.4)
      rails-dom-testing (~> 2.0)
      rails-html-sanitizer (~> 1.0, >= 1.0.3)
    active_model_serializers (0.10.7)
      actionpack (>= 4.1, < 6)
      activemodel (>= 4.1, < 6)
      case_transform (>= 0.2)
      jsonapi-renderer (>= 0.1.1.beta1, < 0.3)
    activejob (5.2.0)
      activesupport (= 5.2.0)
      globalid (>= 0.3.6)
    activemodel (5.2.0)
      activesupport (= 5.2.0)
    activerecord (5.2.0)
      activemodel (= 5.2.0)
      activesupport (= 5.2.0)
      arel (>= 9.0)
    activestorage (5.2.0)
      actionpack (= 5.2.0)
      activerecord (= 5.2.0)
      marcel (~> 0.3.1)
    activesupport (5.2.0)
      concurrent-ruby (~> 1.0, >= 1.0.2)
      i18n (>= 0.7, < 2)
      minitest (~> 5.1)
      tzinfo (~> 1.1)
    addressable (2.5.2)
      public_suffix (>= 2.0.2, < 4.0)
    arel (9.0.0)
    ast (2.4.0)
    awesome_print (1.8.0)
    aws-sdk (2.11.66)
      aws-sdk-resources (= 2.11.66)
    aws-sdk-core (2.11.66)
      aws-sigv4 (~> 1.0)
      jmespath (~> 1.0)
    aws-sdk-resources (2.11.66)
      aws-sdk-core (= 2.11.66)
    aws-sigv4 (1.0.2)
    axiom-types (0.1.1)
      descendants_tracker (~> 0.0.4)
      ice_nine (~> 0.11.0)
      thread_safe (~> 0.3, >= 0.3.1)
    bindex (0.5.0)
    bootsnap (1.3.0)
      msgpack (~> 1.0)
    brakeman (4.3.1)
    bson (4.3.0)
    builder (3.2.3)
    byebug (10.0.2)
    case_transform (0.2)
      activesupport
    choice (0.2.0)
    clipboard (1.1.2)
    codeclimate-engine-rb (0.4.1)
      virtus (~> 1.0)
    coderay (1.1.2)
    coercible (1.0.0)
      descendants_tracker (~> 0.0.1)
    concurrent-ruby (1.0.5)
    connection_pool (2.2.2)
    cpf_faker (1.3.0)
      clipboard
    crass (1.0.4)
    daemons (1.2.6)
    descendants_tracker (0.0.4)
      thread_safe (~> 0.3, >= 0.3.1)
    diff-lcs (1.3)
    elasticsearch (6.0.3)
      elasticsearch-api (= 6.0.3)
      elasticsearch-transport (= 6.0.3)
    elasticsearch-api (6.0.3)
      multi_json
    elasticsearch-transport (6.0.3)
      faraday
      multi_json
    equalizer (0.0.11)
    erubi (1.7.1)
    erubis (2.7.0)
    eventmachine (1.2.7)
    factory_bot (4.10.0)
      activesupport (>= 3.0.0)
    factory_bot_rails (4.10.0)
      factory_bot (~> 4.10.0)
      railties (>= 3.0.0)
    faker (1.8.7)
      i18n (>= 0.7)
    faraday (0.15.2)
      multipart-post (>= 1.2, < 3)
    faraday_middleware-aws-signers-v4 (0.1.9)
      aws-sdk-resources (>= 2, < 3)
      faraday (~> 0.9)
    ffi (1.9.25)
    figaro (1.1.1)
      thor (~> 0.14)
    flay (2.12.0)
      erubis (~> 2.7.0)
      path_expander (~> 1.0)
      ruby_parser (~> 3.0)
      sexp_processor (~> 4.0)
    flog (4.6.2)
      path_expander (~> 1.0)
      ruby_parser (~> 3.1, > 3.1.0)
      sexp_processor (~> 4.8)
    geocoder (1.4.9)
    get_process_mem (0.2.2)
    globalid (0.4.1)
      activesupport (>= 4.2.0)
    hashie (3.5.7)
    i18n (1.0.1)
      concurrent-ruby (~> 1.0)
    ice_nine (0.11.2)
    jaro_winkler (1.5.1)
    jmespath (1.4.0)
    jsonapi-renderer (0.2.0)
    kgio (2.11.2)
    launchy (2.4.3)
      addressable (~> 2.3)
    listen (3.1.5)
      rb-fsevent (~> 0.9, >= 0.9.4)
      rb-inotify (~> 0.9, >= 0.9.7)
      ruby_dep (~> 1.2)
    loofah (2.2.2)
      crass (~> 1.0.2)
      nokogiri (>= 1.5.9)
    mail (2.7.0)
      mini_mime (>= 0.1.1)
    marcel (0.3.2)
      mimemagic (~> 0.3.2)
    metaclass (0.0.4)
    method_source (0.9.0)
    mimemagic (0.3.2)
    mini_mime (1.0.0)
    mini_portile2 (2.3.0)
    minitest (5.11.3)
    mocha (1.5.0)
      metaclass (~> 0.0.1)
    mongo (2.5.3)
      bson (>= 4.3.0, < 5.0.0)
    mongoid (7.0.1)
      activemodel (>= 5.1, < 6.0.0)
      mongo (>= 2.5.1, < 3.0.0)
    msgpack (1.2.4)
    multi_json (1.13.1)
    multipart-post (2.0.0)
    newrelic_rpm (5.2.0.345)
    nio4r (2.3.1)
    nokogiri (1.8.3)
      mini_portile2 (~> 2.3.0)
    parallel (1.12.1)
    parser (2.5.1.0)
      ast (~> 2.4.0)
    path_expander (1.0.3)
    powerpack (0.1.2)
    pry (0.11.3)
      coderay (~> 1.1.0)
      method_source (~> 0.9.0)
    pry-rails (0.3.6)
      pry (>= 0.10.4)
    public_suffix (3.0.2)
    rack (2.0.5)
    rack-cors (1.0.2)
    rack-protection (2.0.3)
      rack
    rack-test (1.0.0)
      rack (>= 1.0, < 3)
    railroady (1.5.3)
    rails (5.2.0)
      actioncable (= 5.2.0)
      actionmailer (= 5.2.0)
      actionpack (= 5.2.0)
      actionview (= 5.2.0)
      activejob (= 5.2.0)
      activemodel (= 5.2.0)
      activerecord (= 5.2.0)
      activestorage (= 5.2.0)
      activesupport (= 5.2.0)
      bundler (>= 1.3.0)
      railties (= 5.2.0)
      sprockets-rails (>= 2.0.0)
    rails-dom-testing (2.0.3)
      activesupport (>= 4.2.0)
      nokogiri (>= 1.6)
    rails-erd (1.5.2)
      activerecord (>= 3.2)
      activesupport (>= 3.2)
      choice (~> 0.2.0)
      ruby-graphviz (~> 1.2)
    rails-html-sanitizer (1.0.4)
      loofah (~> 2.2, >= 2.2.2)
    railties (5.2.0)
      actionpack (= 5.2.0)
      activesupport (= 5.2.0)
      method_source
      rake (>= 0.8.7)
      thor (>= 0.18.1, < 2.0)
    rainbow (3.0.0)
    raindrops (0.19.0)
    rake (12.3.1)
    rb-fsevent (0.10.3)
    rb-inotify (0.9.10)
      ffi (>= 0.5.0, < 2)
    redis (4.0.1)
    reek (4.8.1)
      codeclimate-engine-rb (~> 0.4.0)
      parser (>= 2.5.0.0, < 2.6)
      rainbow (>= 2.0, < 4.0)
    rollbar (2.16.2)
      multi_json
    rubocop (0.57.2)
      jaro_winkler (~> 1.5.1)
      parallel (~> 1.10)
      parser (>= 2.5)
      powerpack (~> 0.1)
      rainbow (>= 2.2.2, < 4.0)
      ruby-progressbar (~> 1.7)
      unicode-display_width (~> 1.0, >= 1.0.1)
    ruby-graphviz (1.2.3)
    ruby-progressbar (1.9.0)
    ruby_dep (1.5.0)
    ruby_parser (3.11.0)
      sexp_processor (~> 4.9)
    rubycritic (3.4.0)
      flay (~> 2.8)
      flog (~> 4.4)
      launchy (= 2.4.3)
      parser (~> 2.5.0)
      rainbow (~> 3.0)
      reek (~> 4.4)
      ruby_parser (~> 3.8)
      tty-which (~> 0.3.0)
      virtus (~> 1.0)
    searchkick (3.1.0)
      activemodel (>= 4.2)
      elasticsearch (>= 5)
      hashie
    sexp_processor (4.11.0)
    shoulda-matchers (3.1.2)
      activesupport (>= 4.0.0)
    sidekiq (5.1.3)
      concurrent-ruby (~> 1.0)
      connection_pool (~> 2.2, >= 2.2.0)
      rack-protection (>= 1.5.0)
      redis (>= 3.3.5, < 5)
    sprockets (3.7.1)
      concurrent-ruby (~> 1.0)
      rack (> 1, < 3)
    sprockets-rails (3.2.1)
      actionpack (>= 4.0)
      activesupport (>= 4.0)
      sprockets (>= 3.0.0)
    thin (1.7.2)
      daemons (~> 1.0, >= 1.0.9)
      eventmachine (~> 1.0, >= 1.0.4)
      rack (>= 1, < 3)
    thor (0.20.0)
    thread_safe (0.3.6)
    tty-which (0.3.0)
    tzinfo (1.2.5)
      thread_safe (~> 0.1)
    unicode-display_width (1.4.0)
    unicorn (5.4.0)
      kgio (~> 2.6)
      raindrops (~> 0.7)
    unicorn-worker-killer (0.4.4)
      get_process_mem (~> 0)
      unicorn (>= 4, < 6)
    virtus (1.0.5)
      axiom-types (~> 0.1)
      coercible (~> 1.0)
      descendants_tracker (~> 0.0, >= 0.0.3)
      equalizer (~> 0.0, >= 0.0.9)
    web-console (3.6.2)
      actionview (>= 5.0)
      activemodel (>= 5.0)
      bindex (>= 0.4.0)
      railties (>= 5.0)
    websocket-driver (0.7.0)
      websocket-extensions (>= 0.1.0)
    websocket-extensions (0.1.3)
    wkhtmltopdf-binary (0.12.4)

PLATFORMS
  ruby

DEPENDENCIES
  active_model_serializers
  awesome_print
  aws-sdk
  bootsnap (>= 1.1.0)
  brakeman
  byebug
  cpf_faker
  database_cleaner!
  exceptions-resource!
  factory_bot_rails
  faker
  faraday_middleware-aws-signers-v4
  figaro
  geocoder
  listen
  mocha
  mongoid
  newrelic_rpm
  pry-rails
  rack-cors
  railroady
  rails (~> 5.2.0)
  rails-erd
  rollbar
  rspec!
  rspec-core!
  rspec-expectations!
  rspec-its!
  rspec-mocks!
  rspec-rails!
  rspec-support!
  rubocop
  rubycritic
  searchkick
  shoulda-matchers (~> 3.1.2)
  sidekiq
  thin
  tzinfo-data
  unicorn
  unicorn-worker-killer
  web-console
  wkhtmltopdf-binary
  wkhtmltopdf-heroku!

BUNDLED WITH
   1.16.6
